GEM
  remote: https://rubygems.org/
  specs:
    chunky_png (1.4.0)

PLATFORMS
  universal-darwin-19

DEPENDENCIES
  chunky_png

BUNDLED WITH
   2.2.3
